GEM
  remote: http://rubygems.org/
  specs:
    addressable (2.3.6)
    amq-protocol (1.9.2)
    ast (2.0.0)
    builder (3.2.2)
    bunny (1.2.1)
      amq-protocol (>= 1.9.2)
    chef (10.12.0)
      bunny (>= 0.6.0)
      erubis
      highline (>= 1.6.9)
      json (>= 1.4.4, <= 1.6.1)
      mixlib-authentication (>= 1.1.0)
      mixlib-cli (>= 1.1.0)
      mixlib-config (>= 1.1.2)
      mixlib-log (>= 1.3.0)
      mixlib-shellout
      moneta
      net-ssh (~> 2.2.2)
      net-ssh-multi (~> 1.1.0)
      ohai (>= 0.6.0)
      rest-client (>= 1.0.4, < 1.7.0)
      treetop (~> 1.4.9)
      uuidtools
      yajl-ruby (~> 1.1)
    erubis (2.7.0)
    excon (0.33.0)
    faraday (0.8.9)
      multipart-post (~> 1.2.0)
    faraday_middleware (0.9.0)
      faraday (>= 0.7.4, < 0.9)
    fog (1.9.0)
      builder
      excon (~> 0.14)
      formatador (~> 0.2.0)
      mime-types
      multi_json (~> 1.0)
      net-scp (~> 1.0.4)
      net-ssh (>= 2.1.3)
      nokogiri (~> 1.5.0)
      ruby-hmac
    foodcritic (4.0.0)
      erubis
      gherkin (~> 2.11)
      nokogiri (~> 1.5)
      rake
      rufus-lru (~> 1.0)
      treetop (~> 1.4)
      yajl-ruby (~> 1.1)
    formatador (0.2.4)
    gherkin (2.12.2)
      multi_json (~> 1.3)
    highline (1.6.21)
    i18n (0.6.9)
    ipaddress (0.8.0)
    json (1.6.1)
    knife-ec2 (0.6.4)
      chef (>= 0.10.10)
      fog (~> 1.6)
    logify (0.2.0)
    mime-types (1.25.1)
    minitar (0.5.4)
    mixlib-authentication (1.3.0)
      mixlib-log
    mixlib-cli (1.4.0)
    mixlib-config (2.1.0)
    mixlib-log (1.6.0)
    mixlib-shellout (1.4.0)
    moneta (0.6.0)
    multi_json (1.9.2)
    multipart-post (1.2.0)
    net-scp (1.0.4)
      net-ssh (>= 1.99.1)
    net-ssh (2.2.2)
    net-ssh-gateway (1.1.0)
      net-ssh (>= 1.99.1)
    net-ssh-multi (1.1)
      net-ssh (>= 2.1.4)
      net-ssh-gateway (>= 0.99.0)
    nokogiri (1.5.11)
    octokit (3.0.0)
      sawyer (~> 0.5.3)
    ohai (7.0.2)
      ipaddress
      mime-types (~> 1.16)
      mixlib-cli
      mixlib-config (~> 2.0)
      mixlib-log
      mixlib-shellout (~> 1.2)
      systemu (~> 2.5.2)
      yajl-ruby
    parser (2.1.9)
      ast (>= 1.1, < 3.0)
      slop (~> 3.4, >= 3.4.5)
    polyglot (0.3.4)
    powerpack (0.0.9)
    rainbow (2.0.0)
    rake (10.0.3)
    rest-client (1.6.7)
      mime-types (>= 1.16)
    rubocop (0.16.0)
      parser (~> 2.1)
      powerpack (~> 0.0.6)
      rainbow (>= 1.1.4)
    ruby-hmac (0.4.0)
    rufus-lru (1.0.5)
    sawyer (0.5.4)
      addressable (~> 2.3.5)
      faraday (~> 0.8, < 0.10)
    slop (3.6.0)
    solve (0.8.2)
    stove (2.0.0)
      faraday (~> 0.8.9)
      faraday_middleware (~> 0.9.0)
      i18n (~> 0.6)
      logify (~> 0.2)
      minitar (~> 0.5)
      mixlib-authentication (~> 1.3)
      octokit (~> 3.0)
      solve (~> 0.8)
    systemu (2.5.2)
    treetop (1.4.15)
      polyglot
      polyglot (>= 0.3.1)
    uuidtools (2.1.4)
    yajl-ruby (1.2.0)

PLATFORMS
  ruby

DEPENDENCIES
  chef (~> 10.12.0)
  foodcritic
  knife-ec2
  moneta (~> 0.6.0)
  rake
  rubocop
  stove (~> 2.0.0)
